GEM
  remote: http://rubygems.org/
  specs:
    backports (3.6.0)
    bootstrap-sass (3.1.1.1)
      sass (~> 3.2)
    capybara (2.4.1)
      mime-types (>= 1.16)
      nokogiri (>= 1.3.3)
      rack (>= 1.0.0)
      rack-test (>= 0.5.4)
      xpath (~> 2.0)
    chunky_png (1.3.1)
    coderay (1.1.0)
    coffee-script (2.3.0)
      coffee-script-source
      execjs
    coffee-script-source (1.7.1)
    compass (1.0.0.alpha.20)
      chunky_png (~> 1.2)
      compass-core (~> 1.0.0.alpha.20)
      compass-import-once (~> 1.0.4)
      rb-fsevent (>= 0.9.3)
      rb-inotify (>= 0.9)
      sass (>= 3.3.0, < 3.5)
    compass-core (1.0.0.alpha.20)
      multi_json (~> 1.0)
      sass (>= 3.3.0, < 3.5)
    compass-import-once (1.0.4)
      sass (>= 3.2, < 3.5)
    daemons (1.1.9)
    diff-lcs (1.2.5)
    dotenv (0.11.1)
      dotenv-deployment (~> 0.0.2)
    dotenv-deployment (0.0.2)
    eventmachine (1.0.3)
    excon (0.38.0)
    execjs (2.2.1)
    ffi (1.9.3)
    haml (4.0.5)
      tilt
    hike (1.2.3)
    json (1.8.1)
    mandrill-api (1.0.52)
      excon (>= 0.16.0, < 1.0)
      json (>= 1.7.7, < 2.0)
    method_source (0.8.2)
    mime-types (2.3)
    mini_portile (0.6.0)
    multi_json (1.10.1)
    nokogiri (1.6.2.1)
      mini_portile (= 0.6.0)
    pry (0.10.0)
      coderay (~> 1.1.0)
      method_source (~> 0.8.1)
      slop (~> 3.4)
    rack (1.5.2)
    rack-protection (1.5.3)
      rack
    rack-test (0.6.2)
      rack (>= 1.0)
    rb-fsevent (0.9.4)
    rb-inotify (0.9.5)
      ffi (>= 0.5.0)
    rspec (3.0.0)
      rspec-core (~> 3.0.0)
      rspec-expectations (~> 3.0.0)
      rspec-mocks (~> 3.0.0)
    rspec-core (3.0.2)
      rspec-support (~> 3.0.0)
    rspec-expectations (3.0.2)
      diff-lcs (>= 1.2.0, < 2.0)
      rspec-support (~> 3.0.0)
    rspec-mocks (3.0.2)
      rspec-support (~> 3.0.0)
    rspec-support (3.0.2)
    sass (3.3.10)
    sinatra (1.4.5)
      rack (~> 1.4)
      rack-protection (~> 1.4)
      tilt (~> 1.3, >= 1.3.4)
    sinatra-contrib (1.4.2)
      backports (>= 2.0)
      multi_json
      rack-protection
      rack-test
      sinatra (~> 1.4.0)
      tilt (~> 1.3)
    slop (3.5.0)
    sprockets (2.12.1)
      hike (~> 1.2)
      multi_json (~> 1.0)
      rack (~> 1.0)
      tilt (~> 1.1, != 1.3.0)
    sprockets-helpers (1.1.0)
      sprockets (~> 2.0)
    thin (1.6.2)
      daemons (>= 1.0.9)
      eventmachine (>= 1.0.0)
      rack (>= 1.0.0)
    tilt (1.4.1)
    xpath (2.0.0)
      nokogiri (~> 1.3)

PLATFORMS
  ruby

DEPENDENCIES
  bootstrap-sass (~> 3.1.1)
  capybara
  coffee-script
  compass (~> 1.0.0.alpha.19)
  dotenv
  haml
  mandrill-api
  pry
  rack-test
  rspec
  sass (~> 3.3.8)
  sinatra
  sinatra-contrib
  sprockets
  sprockets-helpers
  thin
